PATH
  remote: .
  specs:
    GameNews (0.1.0)
      nokogiri

GEM
  remote: https://rubygems.org/
  specs:
    coderay (1.1.2)
    method_source (0.9.2)
    nokogiri (1.13.6-x64-mingw32)
      racc (~> 1.4)
    nokogiri (1.13.6-x86_64-linux)
      racc (~> 1.4)
    pry (0.12.2)
      coderay (~> 1.1.0)
      method_source (~> 0.9.0)
    racc (1.6.0)
    rake (10.5.0)

PLATFORMS
  x64-mingw32
  x86_64-linux

DEPENDENCIES
  GameNews!
  bundler (~> 2.0)
  pry
  rake (~> 10.0)

BUNDLED WITH
   2.0.2
